GEM
  remote: https://rubygems.org/
  specs:
    activemodel (5.2.0)
      activesupport (= 5.2.0)
    activesupport (5.2.0)
      concurrent-ruby (~> 1.0, >= 1.0.2)
      i18n (>= 0.7, < 2)
      minitest (~> 5.1)
      tzinfo (~> 1.1)
    ast (2.4.0)
    aws-partitions (1.37.0)
    aws-sdk-cloudformation (1.2.0)
      aws-sdk-core (~> 3)
      aws-sigv4 (~> 1.0)
    aws-sdk-core (3.9.0)
      aws-partitions (~> 1.0)
      aws-sigv4 (~> 1.0)
      jmespath (~> 1.0)
    aws-sdk-ec2 (1.18.0)
      aws-sdk-core (~> 3)
      aws-sigv4 (~> 1.0)
    aws-sigv4 (1.0.2)
    azure_mgmt_compute (0.18.7)
      ms_rest_azure (~> 0.9.0)
    azure_mgmt_resources (0.17.6)
      ms_rest_azure (~> 0.9.0)
    backports (3.15.0)
    byebug (10.0.2)
    coderay (1.1.2)
    colorize (0.8.1)
    commander-openflighthpc (1.0.0)
      highline (~> 1.7.2)
    concurrent-ruby (1.0.5)
    debugger-ruby_core_source (1.3.8)
    diff-lcs (1.3)
    domain_name (0.5.20170404)
      unf (>= 0.0.5, < 1.0.0)
    equatable (0.5.0)
    factory_bot (4.8.2)
      activesupport (>= 3.0.0)
    fakefs (0.20.0)
    faraday (0.13.1)
      multipart-post (>= 1.2, < 3)
    faraday-cookie_jar (0.0.6)
      faraday (>= 0.7.4)
      http-cookie (~> 1.0.0)
    flight_config (0.2.0)
      tty-config
    flight_manifest (0.1.3)
      hashie
    hashie (3.6.0)
    highline (1.7.10)
    http-cookie (1.0.3)
      domain_name (~> 0.5)
    i18n (1.0.1)
      concurrent-ruby (~> 1.0)
    ipaddr (1.2.0)
    jmespath (1.3.1)
    kramdown (1.16.2)
    memoist (0.16.0)
    method_source (0.9.2)
    minitest (5.11.3)
    ms_rest (0.7.2)
      concurrent-ruby (~> 1.0)
      faraday (~> 0.9)
      timeliness (~> 0.3)
    ms_rest_azure (0.9.0)
      concurrent-ruby (~> 1.0)
      faraday (~> 0.9)
      faraday-cookie_jar (~> 0.0.6)
      ms_rest (~> 0.7.0)
    multi_json (1.13.1)
    multipart-post (2.0.0)
    mustermann (1.0.3)
    necromancer (0.4.0)
    parallel (1.12.1)
    parser (2.5.1.0)
      ast (~> 2.4.0)
    pastel (0.7.2)
      equatable (~> 0.5.0)
      tty-color (~> 0.4.0)
    pilfer (1.0.2)
      rblineprof (~> 0.3.2)
    powerpack (0.1.1)
    pry (0.12.2)
      coderay (~> 1.1.0)
      method_source (~> 0.9.0)
    pry-byebug (3.6.0)
      byebug (~> 10.0)
      pry (~> 0.10)
    rack (2.0.7)
    rack-protection (2.0.5)
      rack
    rainbow (3.0.0)
    rake (12.3.2)
    rblineprof (0.3.7)
      debugger-ruby_core_source (~> 1.3)
    require_all (2.0.0)
    rouge (3.1.1)
    rspec (3.7.0)
      rspec-core (~> 3.7.0)
      rspec-expectations (~> 3.7.0)
      rspec-mocks (~> 3.7.0)
    rspec-core (3.7.0)
      rspec-support (~> 3.7.0)
    rspec-expectations (3.7.0)
      diff-lcs (>= 1.2.0, < 2.0)
      rspec-support (~> 3.7.0)
    rspec-mocks (3.7.0)
      diff-lcs (>= 1.2.0, < 2.0)
      rspec-support (~> 3.7.0)
    rspec-support (3.7.0)
    rspec-wait (0.0.9)
      rspec (>= 3, < 4)
    rubocop (0.52.1)
      parallel (~> 1.10)
      parser (>= 2.4.0.2, < 3.0)
      powerpack (~> 0.1)
      rainbow (>= 2.2.2, < 4.0)
      ruby-progressbar (~> 1.7)
      unicode-display_width (~> 1.0, >= 1.0.1)
    rubocop-rspec (1.23.0)
      rubocop (>= 0.52.1)
    ruby-progressbar (1.9.0)
    rubyzip (1.2.2)
    sinatra (2.0.5)
      mustermann (~> 1.0)
      rack (~> 2.0)
      rack-protection (= 2.0.5)
      tilt (~> 2.0)
    sinatra-contrib (2.0.5)
      backports (>= 2.8.2)
      multi_json
      mustermann (~> 1.0)
      rack-protection (= 2.0.5)
      sinatra (= 2.0.5)
      tilt (>= 1.3, < 3)
    sinatra-namespace (1.0)
      sinatra-contrib
    sinatra-param (1.6.0)
      sinatra (>= 1.3)
    strings (0.1.1)
      unicode-display_width (~> 1.3.0)
      unicode_utils (~> 1.4.0)
    thread_safe (0.3.6)
    tilt (2.0.9)
    timeliness (0.3.8)
    timers (4.3.0)
    tty-color (0.4.3)
    tty-config (0.3.2)
    tty-cursor (0.6.0)
    tty-editor (0.5.0)
      tty-prompt (~> 0.18)
      tty-which (~> 0.4)
    tty-markdown (0.4.0)
      kramdown (~> 1.16.2)
      pastel (~> 0.7.2)
      rouge (~> 3.1.0)
      strings (~> 0.1.0)
      tty-color (~> 0.4.2)
      tty-screen (~> 0.6.4)
    tty-prompt (0.18.1)
      necromancer (~> 0.4.0)
      pastel (~> 0.7.0)
      timers (~> 4.0)
      tty-cursor (~> 0.6.0)
      tty-reader (~> 0.5.0)
    tty-reader (0.5.0)
      tty-cursor (~> 0.6.0)
      tty-screen (~> 0.6.4)
      wisper (~> 2.0.0)
    tty-screen (0.6.5)
    tty-spinner (0.9.0)
      tty-cursor (~> 0.6.0)
    tty-table (0.10.0)
      equatable (~> 0.5.0)
      necromancer (~> 0.4.0)
      pastel (~> 0.7.2)
      strings (~> 0.1.0)
      tty-screen (~> 0.6.4)
    tty-which (0.4.0)
    tzinfo (1.2.5)
      thread_safe (~> 0.1)
    unf (0.1.4)
      unf_ext
    unf_ext (0.0.7.4)
    unicode-display_width (1.3.3)
    unicode_utils (1.4.0)
    wisper (2.0.0)

PLATFORMS
  ruby

DEPENDENCIES
  activemodel
  activesupport
  aws-sdk-cloudformation
  aws-sdk-ec2
  azure_mgmt_compute
  azure_mgmt_resources
  colorize
  commander-openflighthpc
  factory_bot
  fakefs
  flight_config
  flight_manifest (~> 0.1.3)
  hashie
  ipaddr
  memoist
  parallel
  pilfer
  pry
  pry-byebug
  rake
  require_all
  rspec
  rspec-wait
  rubocop (~> 0.52.1)
  rubocop-rspec
  rubyzip
  sinatra
  sinatra-namespace
  sinatra-param
  tty-editor
  tty-markdown
  tty-prompt
  tty-spinner
  tty-table

BUNDLED WITH
   1.17.3
