GEM
  remote: https://rubygems.org/
  specs:
    addressable (2.5.2)
      public_suffix (>= 2.0.2, < 4.0)
    aws-partitions (1.37.0)
    aws-sdk-cloudformation (1.2.0)
      aws-sdk-core (~> 3)
      aws-sigv4 (~> 1.0)
    aws-sdk-core (3.9.0)
      aws-partitions (~> 1.0)
      aws-sigv4 (~> 1.0)
      jmespath (~> 1.0)
    aws-sdk-ec2 (1.18.0)
      aws-sdk-core (~> 3)
      aws-sigv4 (~> 1.0)
    aws-sigv4 (1.0.2)
    azure_mgmt_compute (0.15.1)
      ms_rest_azure (~> 0.9.0)
    azure_mgmt_network (0.15.1)
      ms_rest_azure (~> 0.9.0)
    azure_mgmt_resources (0.15.1)
      ms_rest_azure (~> 0.9.0)
    colorize (0.8.1)
    commander (4.4.3)
      highline (~> 1.7.2)
    concurrent-ruby (1.0.5)
    declarative (0.0.10)
    declarative-option (0.1.0)
    diff-lcs (1.3)
    domain_name (0.5.20170404)
      unf (>= 0.0.5, < 1.0.0)
    faraday (0.13.1)
      multipart-post (>= 1.2, < 3)
    faraday-cookie_jar (0.0.6)
      faraday (>= 0.7.4)
      http-cookie (~> 1.0.0)
    google-api-client (0.14.5)
      addressable (~> 2.5, >= 2.5.1)
      googleauth (~> 0.5)
      httpclient (>= 2.8.1, < 3.0)
      mime-types (~> 3.0)
      representable (~> 3.0)
      retriable (>= 2.0, < 4.0)
    google-cloud-core (1.0.0)
      google-cloud-env (~> 1.0)
      googleauth (~> 0.5.1)
    google-cloud-env (1.0.1)
      faraday (~> 0.11)
    google-cloud-resource_manager (0.27.0)
      google-api-client (~> 0.14.0)
      google-cloud-core (~> 1.0)
    googleauth (0.5.3)
      faraday (~> 0.12)
      jwt (~> 1.4)
      logging (~> 2.0)
      memoist (~> 0.12)
      multi_json (~> 1.11)
      os (~> 0.9)
      signet (~> 0.7)
    haikunator (1.1.0)
    highline (1.7.8)
    http-cookie (1.0.3)
      domain_name (~> 0.5)
    httpclient (2.8.3)
    ipaddr (1.2.0)
    jmespath (1.3.1)
    jwt (1.5.6)
    little-plugger (1.1.4)
    logging (2.2.2)
      little-plugger (~> 1.1)
      multi_json (~> 1.10)
    memoist (0.16.0)
    mime-types (3.1)
      mime-types-data (~> 3.2015)
    mime-types-data (3.2016.0521)
    ms_rest (0.7.2)
      concurrent-ruby (~> 1.0)
      faraday (~> 0.9)
      timeliness (~> 0.3)
    ms_rest_azure (0.9.0)
      concurrent-ruby (~> 1.0)
      faraday (~> 0.9)
      faraday-cookie_jar (~> 0.0.6)
      ms_rest (~> 0.7.0)
    multi_json (1.12.2)
    multipart-post (2.0.0)
    os (0.9.6)
    public_suffix (3.0.1)
    representable (3.0.4)
      declarative (< 0.1.0)
      declarative-option (< 0.2.0)
      uber (< 0.2.0)
    retriable (3.1.1)
    rspec (3.7.0)
      rspec-core (~> 3.7.0)
      rspec-expectations (~> 3.7.0)
      rspec-mocks (~> 3.7.0)
    rspec-core (3.7.0)
      rspec-support (~> 3.7.0)
    rspec-expectations (3.7.0)
      diff-lcs (>= 1.2.0, < 2.0)
      rspec-support (~> 3.7.0)
    rspec-mocks (3.7.0)
      diff-lcs (>= 1.2.0, < 2.0)
      rspec-support (~> 3.7.0)
    rspec-support (3.7.0)
    rspec-wait (0.0.9)
      rspec (>= 3, < 4)
    signet (0.8.1)
      addressable (~> 2.3)
      faraday (~> 0.9)
      jwt (>= 1.5, < 3.0)
      multi_json (~> 1.10)
    terminal-table (1.8.0)
      unicode-display_width (~> 1.1, >= 1.1.1)
    timeliness (0.3.8)
    uber (0.1.0)
    unf (0.1.4)
      unf_ext
    unf_ext (0.0.7.4)
    unicode-display_width (1.3.0)
    whirly (0.2.6)
      unicode-display_width (~> 1.1)

PLATFORMS
  ruby

DEPENDENCIES
  aws-sdk-cloudformation
  aws-sdk-ec2
  azure_mgmt_compute
  azure_mgmt_network
  azure_mgmt_resources
  colorize
  commander
  google-cloud-resource_manager
  haikunator
  ipaddr
  rspec
  rspec-wait
  terminal-table
  whirly
